GEM
  remote: https://rubygems.org/
  specs:
    r-fxxk (0.4.0)

PLATFORMS
  x64-mingw32

DEPENDENCIES
  r-fxxk

BUNDLED WITH
   2.2.33
